GEM
  remote: https://rubygems.org/
  specs:
    haml (4.0.6)
      tilt
    matrix (0.0.1)
    rack (1.6.0)
    rack-protection (1.5.3)
      rack
    sinatra (1.4.6)
      rack (~> 1.4)
      rack-protection (~> 1.4)
      tilt (>= 1.3, < 3)
    tilt (2.0.1)

PLATFORMS
  ruby

DEPENDENCIES
  haml
  matrix
  sinatra
